GEM
  remote: https://rubygems.org/
  specs:
    gviz (0.0.4)

PLATFORMS
  ruby

DEPENDENCIES
  gviz
