GEM
  remote: https://rubygems.org/
  specs:
    gviz (0.0.4)
    thor (0.16.0)

PLATFORMS
  ruby

DEPENDENCIES
  gviz
  thor
